GEM
  remote: http://rubygems.org/
  specs:
    ansi (1.4.2)
    columnize (0.3.6)
    debugger (1.1.3)
      columnize (>= 0.3.1)
      debugger-linecache (~> 1.1.1)
      debugger-ruby_core_source (~> 1.1.2)
    debugger-linecache (1.1.1)
      debugger-ruby_core_source (>= 1.1.1)
    debugger-ruby_core_source (1.1.3)
    git (1.2.5)
    jeweler (1.6.4)
      bundler (~> 1.0)
      git (>= 1.2.5)
      rake
    minitest (3.0.1)
    multi_json (1.3.6)
    rake (0.9.2.2)
    simplecov (0.6.4)
      multi_json (~> 1.0)
      simplecov-html (~> 0.5.3)
    simplecov-html (0.5.3)
    turn (0.9.5)
      ansi
    yard (0.6.8)

PLATFORMS
  ruby

DEPENDENCIES
  bundler
  debugger
  jeweler (~> 1.6.4)
  minitest
  simplecov
  turn (~> 0.9.5)
  yard (~> 0.6.0)
